GEM
  remote: http://rubygems.org/
  specs:
    albacore (0.2.2)
      rake (>= 0.8.7)
      rubyzip (>= 0.9.4)
    builder (3.0.0)
    capybara (0.4.1.1)
      celerity (>= 0.7.9)
      culerity (>= 0.2.4)
      mime-types (>= 1.16)
      nokogiri (>= 1.3.3)
      rack (>= 1.0.0)
      rack-test (>= 0.5.4)
      selenium-webdriver (>= 0.0.27)
      xpath (~> 0.1.3)
    celerity (0.8.7)
    childprocess (0.1.6)
      ffi (~> 0.6.3)
    commonservicelocator (1.0.0.0)
    cucumber (0.10.0)
      builder (>= 2.1.2)
      diff-lcs (~> 1.1.2)
      gherkin (~> 2.3.2)
      json (~> 1.4.6)
      term-ansicolor (~> 1.0.5)
    culerity (0.2.15)
    diff-lcs (1.1.2)
    ffi (0.6.3-x86-mingw32)
      rake (>= 0.8.7)
    gallio (3.2.601)
    gherkin (2.3.3-x86-mingw32)
      json (~> 1.4.6)
    git (1.2.5)
    json (1.4.6-x86-mingw32)
    json_pure (1.5.1)
    maventhought.commons (0.3.0)
    maventhought.testing (0.3.2)
      commonservicelocator
      gallio (~> 3.2)
      nunit
      rhino.mocks (~> 3.6)
      structuremap.automocking (~> 2.6.1.1)
      xunitnet
    mime-types (1.16)
    nokogiri (1.4.4.1-x86-mingw32)
    noodle (0.3.0)
      bundler (>= 1.0.0.rc.3)
      rake
    nunit (2.5.7.10213.20100801)
    rack (1.2.1)
    rack-test (0.5.7)
      rack (>= 1.0)
    rake (0.8.7)
    rhino.mocks (3.6.0.0)
    rspec (2.5.0)
      rspec-core (~> 2.5.0)
      rspec-expectations (~> 2.5.0)
      rspec-mocks (~> 2.5.0)
    rspec-core (2.5.1)
    rspec-expectations (2.5.0)
      diff-lcs (~> 1.1.2)
    rspec-mocks (2.5.0)
    rubyzip (0.9.4)
    selenium-webdriver (0.1.2)
      childprocess (~> 0.1.5)
      ffi (~> 0.6.3)
      json_pure
      rubyzip
    sharptestsex (1.0.0.0.20100911)
    sqlite3 (1.3.3-x86-mingw32)
    structuremap.automocking (2.6.1.1)
    term-ansicolor (1.0.5)
    xpath (0.1.3)
      nokogiri (~> 1.3)
    xunitnet (1.6.0)

PLATFORMS
  x86-mingw32

DEPENDENCIES
  albacore
  capybara
  cucumber
  gallio (~> 3.2)
  git
  maventhought.commons
  maventhought.testing
  noodle
  rhino.mocks (~> 3.6)
  rspec
  sharptestsex
  sqlite3
  structuremap.automocking (~> 2.6.1.1)
